

GROUP Examples
RESTRICTION: == net45
NUGET
  remote: https://api.nuget.org/v3/index.json
    FSharp.Core (4.2.3)
    Persimmon (4.0.2)
      FSharp.Core (>= 3.1.2.5)
    Persimmon.Runner (4.0.2)
      FSharp.Core (>= 3.1.2.5)
      Persimmon (>= 4.0 < 5.0)
